GIT
  remote: https://github.com/asciidoctor/asciidoctor-latex
  revision: b5c9de1363de53d24d3e188d2f40d8e0cd3865e7
  specs:
    asciidoctor-latex (1.5.0.17.dev)
      asciidoctor (~> 1.5, >= 1.5.2)
      htmlentities (~> 4.3)
      opal (~> 0.6.3)

GEM
  remote: https://rubygems.org/
  specs:
    asciidoctor (1.5.5)
    concurrent-ruby (1.0.5)
    htmlentities (4.3.4)
    json (2.1.0)
    opal (0.6.3)
      source_map
      sprockets
    rack (2.0.1)
    source_map (3.0.1)
      json
    sprockets (3.7.1)
      concurrent-ruby (~> 1.0)
      rack (> 1, < 3)

PLATFORMS
  ruby

DEPENDENCIES
  asciidoctor-latex!

BUNDLED WITH
   1.12.3
