GEM
  remote: https://rubygems.org/
  specs:
    asciidoctor (1.5.5)
    asciidoctor-latex (1.5.0.18.dev)
      asciidoctor (~> 1.5, >= 1.5.2)
      htmlentities (~> 4.3)
      opal (~> 0.6.3)
    concurrent-ruby (1.0.2)
    htmlentities (4.3.4)
    json (2.0.2)
    opal (0.6.3)
      source_map
      sprockets
    rack (1.6.4)
    source_map (3.0.1)
      json
    sprockets (3.7.0)
      concurrent-ruby (~> 1.0)
      rack (> 1, < 3)

PLATFORMS
  ruby

DEPENDENCIES
  asciidoctor-latex

BUNDLED WITH
   1.12.3
